GEM
  remote: https://rubygems.org/
  specs:
    pg (1.2.2)

PLATFORMS
  ruby

DEPENDENCIES
  pg

BUNDLED WITH
   2.0.2
